PATH
  remote: .
  specs:
    i18n_plus (0.3.0)
      actionpack
      activesupport
      rack (>= 1.1.0, < 2)

GEM
  remote: http://rubygems.org/
  specs:
    actionpack (4.0.13)
      activesupport (= 4.0.13)
      builder (~> 3.1.0)
      erubis (~> 2.7.0)
      rack (~> 1.5.2)
      rack-test (~> 0.6.2)
    activesupport (4.0.13)
      i18n (~> 0.6, >= 0.6.9)
      minitest (~> 4.2)
      multi_json (~> 1.3)
      thread_safe (~> 0.1)
      tzinfo (~> 0.3.37)
    builder (3.1.4)
    erubis (2.7.0)
    i18n (0.7.0)
    metaclass (0.0.4)
    minitest (4.7.5)
    mocha (1.1.0)
      metaclass (~> 0.0.1)
    multi_json (1.11.2)
    rack (1.5.5)
    rack-test (0.6.3)
      rack (>= 1.0)
    rake (10.1.0)
    rdoc (2.5.11)
    thread_safe (0.3.5)
    tzinfo (0.3.44)

PLATFORMS
  ruby

DEPENDENCIES
  bundler (~> 1.10.5)
  i18n_plus!
  minitest
  mocha (~> 1.1.0)
  rake
  rdoc (~> 2.5.3)

BUNDLED WITH
   1.10.5
