PATH
  remote: .
  specs:
    i18n_plus (0.3.0)
      actionpack (~> 4.1.0)
      activesupport (~> 4.1.0)
      rack (>= 1.1.0, < 2)

GEM
  remote: http://rubygems.org/
  specs:
    actionpack (4.1.12)
      actionview (= 4.1.12)
      activesupport (= 4.1.12)
      rack (~> 1.5.2)
      rack-test (~> 0.6.2)
    actionview (4.1.12)
      activesupport (= 4.1.12)
      builder (~> 3.1)
      erubis (~> 2.7.0)
    activesupport (4.1.12)
      i18n (~> 0.6, >= 0.6.9)
      json (~> 1.7, >= 1.7.7)
      minitest (~> 5.1)
      thread_safe (~> 0.1)
      tzinfo (~> 1.1)
    builder (3.2.2)
    erubis (2.7.0)
    i18n (0.7.0)
    json (1.8.3)
    metaclass (0.0.4)
    minitest (5.7.0)
    mocha (1.1.0)
      metaclass (~> 0.0.1)
    rack (1.5.5)
    rack-test (0.6.3)
      rack (>= 1.0)
    rake (10.4.2)
    rdoc (2.5.11)
    thread_safe (0.3.5)
    tzinfo (1.2.2)
      thread_safe (~> 0.1)

PLATFORMS
  ruby

DEPENDENCIES
  bundler (~> 1.10.5)
  i18n_plus!
  minitest
  mocha (~> 1.1.0)
  rake
  rdoc (~> 2.5.3)

BUNDLED WITH
   1.10.5
